GEM
  remote: https://rubygems.org/
  specs:
    coderay (1.1.3)
    method_source (1.1.0)
    minitest (5.25.5)
    pry (0.14.2)
      coderay (~> 1.1)
      method_source (~> 1.0)
    pry-nav (1.0.0)
      pry (>= 0.9.10, < 0.15)
    rouge (4.5.1)
    tiny_color (1.2.1)
    tiny_dot (2.0.0)
    tiny_pipe (1.0.1)
    tty-cursor (0.7.1)

PLATFORMS
  x86_64-darwin-21
  x86_64-darwin-24

DEPENDENCIES
  minitest
  pry
  pry-nav
  rouge
  tiny_color
  tiny_dot
  tiny_pipe
  tty-cursor

BUNDLED WITH
   2.3.14
