GEM
  remote: https://rubygems.org/
  specs:
    fancy_buff (2.1.0)
    tiny_color (1.2.1)
    tiny_dot (2.0.0)
    tiny_pipe (1.0.1)
    tty-cursor (0.7.1)

PLATFORMS
  x86_64-darwin-21

DEPENDENCIES
  fancy_buff
  tiny_color
  tiny_dot
  tiny_pipe
  tty-cursor

BUNDLED WITH
   2.3.14
